GEM
  remote: https://rubygems.org/
  specs:
    activesupport (5.2.0)
      concurrent-ruby (~> 1.0, >= 1.0.2)
      i18n (>= 0.7, < 2)
      minitest (~> 5.1)
      tzinfo (~> 1.1)
    addressable (2.5.2)
      public_suffix (>= 2.0.2, < 4.0)
    alexa_verifier (1.0.0)
    backports (3.11.2)
    bcrypt (3.1.11)
    bcrypt-ruby (3.1.5)
      bcrypt (>= 3.1.3)
    concurrent-ruby (1.0.5)
    data_mapper (1.2.0)
      dm-aggregates (~> 1.2.0)
      dm-constraints (~> 1.2.0)
      dm-core (~> 1.2.0)
      dm-migrations (~> 1.2.0)
      dm-serializer (~> 1.2.0)
      dm-timestamps (~> 1.2.0)
      dm-transactions (~> 1.2.0)
      dm-types (~> 1.2.0)
      dm-validations (~> 1.2.0)
    data_objects (0.10.17)
      addressable (~> 2.1)
    dm-aggregates (1.2.0)
      dm-core (~> 1.2.0)
    dm-constraints (1.2.0)
      dm-core (~> 1.2.0)
    dm-core (1.2.1)
      addressable (~> 2.3)
    dm-do-adapter (1.2.0)
      data_objects (~> 0.10.6)
      dm-core (~> 1.2.0)
    dm-migrations (1.2.0)
      dm-core (~> 1.2.0)
    dm-postgres-adapter (1.2.0)
      dm-do-adapter (~> 1.2.0)
      do_postgres (~> 0.10.6)
    dm-postgres-types (0.0.6)
      dm-core (~> 1.2.0)
      dm-migrations (~> 1.2.0)
      dm-postgres-adapter (~> 1.2.0)
      dm-types (~> 1.2.0)
      dm-validations (~> 1.2.0)
      oj
    dm-serializer (1.2.2)
      dm-core (~> 1.2.0)
      fastercsv (~> 1.5)
      json (~> 1.6)
      json_pure (~> 1.6)
      multi_json (~> 1.0)
    dm-timestamps (1.2.0)
      dm-core (~> 1.2.0)
    dm-transactions (1.2.0)
      dm-core (~> 1.2.0)
    dm-types (1.2.2)
      bcrypt-ruby (~> 3.0)
      dm-core (~> 1.2.0)
      fastercsv (~> 1.5)
      json (~> 1.6)
      multi_json (~> 1.0)
      stringex (~> 1.4)
      uuidtools (~> 2.1)
    dm-validations (1.2.0)
      dm-core (~> 1.2.0)
    do_postgres (0.10.17)
      data_objects (= 0.10.17)
    fastercsv (1.5.5)
    i18n (1.0.0)
      concurrent-ruby (~> 1.0)
    json (1.8.6)
    json_pure (1.8.6)
    minitest (5.11.3)
    multi_json (1.13.1)
    oj (3.5.1)
    public_suffix (3.0.2)
    rack (1.6.9)
    rack-protection (1.5.5)
      rack
    rack-test (1.0.0)
      rack (>= 1.0, < 3)
    ralyxa (1.7.0)
      alexa_verifier (~> 1.0)
    sinatra (1.4.8)
      rack (~> 1.5)
      rack-protection (~> 1.4)
      tilt (>= 1.3, < 3)
    sinatra-contrib (1.4.7)
      backports (>= 2.0)
      multi_json
      rack-protection
      rack-test
      sinatra (~> 1.4.0)
      tilt (>= 1.3, < 3)
    stringex (1.5.1)
    thread_safe (0.3.6)
    tilt (2.0.8)
    tzinfo (1.2.5)
      thread_safe (~> 0.1)
    uuidtools (2.1.5)

PLATFORMS
  ruby

DEPENDENCIES
  activesupport (= 5.2.0)
  data_mapper (= 1.2.0)
  dm-postgres-adapter (= 1.2.0)
  dm-postgres-types (= 0.0.6)
  ralyxa (~> 1.7.0)
  sinatra (~> 1.4.8)
  sinatra-contrib (~> 1.4.7)

RUBY VERSION
   ruby 2.3.4p301

BUNDLED WITH
   1.16.1
